GEM
  remote: http://rubygems.org/
  specs:
    bouncy-castle-java (1.5.0147)
    diff-lcs (1.2.5)
    jenkins-plugin-runtime (0.2.3)
      json
      slop (~> 3.0.2)
    jenkins-war (1.514)
    jpi (0.4.0)
      bundler
      jenkins-plugin-runtime (~> 0.2.3)
      jenkins-war (> 1.427)
      rubyzip (~> 1.1.0)
      thor
    jruby-openssl (0.7.7)
      bouncy-castle-java (>= 1.5.0146.1)
    json (1.8.3-java)
    mime-types (1.25.1)
    nokogiri (1.5.11-java)
    rake (10.4.2)
    rest-client (1.6.9)
      mime-types (~> 1.16)
    rspec (3.3.0)
      rspec-core (~> 3.3.0)
      rspec-expectations (~> 3.3.0)
      rspec-mocks (~> 3.3.0)
    rspec-core (3.3.1)
      rspec-support (~> 3.3.0)
    rspec-expectations (3.3.0)
      diff-lcs (>= 1.2.0, < 2.0)
      rspec-support (~> 3.3.0)
    rspec-mocks (3.3.1)
      diff-lcs (>= 1.2.0, < 2.0)
      rspec-support (~> 3.3.0)
    rspec-support (3.3.0)
    ruby-debug-ide (0.4.32)
      rake (>= 0.8.1)
    rubyzip (1.1.7)
    slop (3.0.4)
    thor (0.19.1)

PLATFORMS
  java

DEPENDENCIES
  bouncy-castle-java
  jenkins-plugin-runtime (~> 0.2.0)
  jpi
  jruby-openssl (~> 0.7.7)
  nokogiri (~> 1.5.5)
  rest-client (~> 1.6.7)
  rspec
  ruby-debug-ide

BUNDLED WITH
   1.10.4
